GEM
  remote: http://rubygems.org/
  specs:
    bourne (1.0.1)
      mocha (= 0.9.12)
    diff-lcs (1.1.3)
    git (1.2.5)
    jeweler (1.6.4)
      bundler (~> 1.0)
      git (>= 1.2.5)
      rake
    mocha (0.9.12)
    rake (0.9.2.2)
    rcov (0.9.10)
    rspec (2.4.0)
      rspec-core (~> 2.4.0)
      rspec-expectations (~> 2.4.0)
      rspec-mocks (~> 2.4.0)
    rspec-core (2.4.0)
    rspec-expectations (2.4.0)
      diff-lcs (~> 1.1.2)
    rspec-mocks (2.4.0)

PLATFORMS
  ruby

DEPENDENCIES
  bourne
  bundler (~> 1.0.0)
  jeweler (~> 1.6.4)
  rcov
  rspec (~> 2.4.0)
